PATH
  remote: .
  specs:
    jellybean (0.0.1)
      barista
      compass (~> 0.11.0)

GEM
  remote: http://rubygems.org/
  specs:
    abstract (1.0.0)
    actionpack (3.0.7)
      activemodel (= 3.0.7)
      activesupport (= 3.0.7)
      builder (~> 2.1.2)
      erubis (~> 2.6.6)
      i18n (~> 0.5.0)
      rack (~> 1.2.1)
      rack-mount (~> 0.6.14)
      rack-test (~> 0.5.7)
      tzinfo (~> 0.3.23)
    activemodel (3.0.7)
      activesupport (= 3.0.7)
      builder (~> 2.1.2)
      i18n (~> 0.5.0)
    activesupport (3.0.7)
    addressable (2.2.5)
    barista (0.6.1)
      open4
      railties (~> 3.0)
    builder (2.1.2)
    childprocess (0.1.8)
      ffi (~> 1.0.6)
    chunky_png (1.1.1)
    closure-compiler (1.1.1)
    coffee-script (2.2.0)
      coffee-script-source
      execjs
    coffee-script-source (1.0.1)
    compass (0.11.1)
      chunky_png (~> 1.1)
      fssm (>= 0.2.7)
      sass (~> 3.1)
    diff-lcs (1.1.2)
    em-websocket (0.2.1)
      addressable (>= 2.1.1)
      eventmachine (>= 0.12.9)
    erubis (2.6.6)
      abstract (>= 1.0.0)
    eventmachine (0.12.10)
    execjs (0.3.0)
      multi_json (~> 1.0)
    ffi (1.0.7)
      rake (>= 0.8.7)
    fssm (0.2.7)
    growl (1.0.3)
    guard (0.3.4)
      thor (~> 0.14.6)
    guard-coffeescript (0.2.0)
      coffee-script (~> 2.2.0)
      guard (~> 0.3.0)
    guard-livereload (0.1.10)
      em-websocket (~> 0.2.0)
      guard (>= 0.2.2)
      json (~> 1.5.1)
    i18n (0.5.0)
    jasmine (1.0.2.0)
      json_pure (>= 1.4.3)
      rack (>= 1.1)
      rspec (>= 1.3.1)
      selenium-webdriver (>= 0.1.3)
    json (1.5.1)
    json_pure (1.5.1)
    multi_json (1.0.0)
    open4 (1.0.1)
    rack (1.2.2)
    rack-mount (0.6.14)
      rack (>= 1.0.0)
    rack-test (0.5.7)
      rack (>= 1.0)
    railties (3.0.7)
      actionpack (= 3.0.7)
      activesupport (= 3.0.7)
      rake (>= 0.8.7)
      thor (~> 0.14.4)
    rake (0.8.7)
    rb-fsevent (0.4.0)
    rspec (2.5.0)
      rspec-core (~> 2.5.0)
      rspec-expectations (~> 2.5.0)
      rspec-mocks (~> 2.5.0)
    rspec-core (2.5.1)
    rspec-expectations (2.5.0)
      diff-lcs (~> 1.1.2)
    rspec-mocks (2.5.0)
    rubyzip (0.9.4)
    sass (3.1.1)
    selenium-webdriver (0.2.0)
      childprocess (>= 0.1.7)
      ffi (>= 1.0.7)
      json_pure
      rubyzip
    thor (0.14.6)
    tzinfo (0.3.27)

PLATFORMS
  ruby

DEPENDENCIES
  closure-compiler
  growl
  guard
  guard-coffeescript
  guard-livereload
  jasmine
  jellybean!
  rb-fsevent
